GEM
  remote: https://rubygems.org/
  specs:
    chunky_png (1.3.8)
    faraday (0.12.1)
      multipart-post (>= 1.2, < 3)
    faraday_middleware (0.11.0.1)
      faraday (>= 0.7.4, < 1.0)
    hashie (3.5.5)
    multipart-post (2.0.0)

PLATFORMS
  ruby

DEPENDENCIES
  chunky_png
  faraday
  faraday_middleware
  hashie

BUNDLED WITH
   1.15.1
