PATH
  remote: .
  specs:
    solar_power (1.0.0)

GEM
  remote: https://rubygems.org/
  specs:
    chunky_png (1.3.8)
    configlet (2.1.1)
    faraday (0.12.1)
      multipart-post (>= 1.2, < 3)
    faraday-digestauth (0.2.1)
      faraday (~> 0.7)
      net-http-digest_auth (~> 1.4)
    faraday_middleware (0.11.0.1)
      faraday (>= 0.7.4, < 1.0)
    hashie (3.5.5)
    multi_xml (0.6.0)
    multipart-post (2.0.0)
    net-http-digest_auth (1.4.1)

PLATFORMS
  ruby

DEPENDENCIES
  chunky_png
  configlet
  faraday
  faraday-digestauth
  faraday_middleware
  hashie
  multi_xml
  solar_power!

BUNDLED WITH
   1.15.1
